GEM
  remote: https://rubygems.org/
  specs:
    base64 (0.2.0)
    connection_pool (2.4.1)
    mustermann (3.0.1)
      ruby2_keywords (~> 0.0.1)
    nio4r (2.7.3)
    puma (6.4.2)
      nio4r (~> 2.0)
    rack (2.2.9)
    rack-protection (3.2.0)
      base64 (>= 0.1.0)
      rack (~> 2.2, >= 2.2.4)
    redis (5.2.0)
      redis-client (>= 0.22.0)
    redis-client (0.22.2)
      connection_pool
    ruby2_keywords (0.0.5)
    sidekiq (6.5.5)
      connection_pool (>= 2.2.2)
      rack (~> 2.0)
      redis (>= 4.5.0)
    sinatra (3.2.0)
      mustermann (~> 3.0)
      rack (~> 2.2, >= 2.2.4)
      rack-protection (= 3.2.0)
      tilt (~> 2.0)
    tilt (2.4.0)

PLATFORMS
  ruby

DEPENDENCIES
  puma (~> 6)
  redis (~> 5)
  sidekiq (~> 6)
  sinatra (~> 3)

RUBY VERSION
   ruby 2.6.10p210

BUNDLED WITH
   1.17.2
